PATH
  remote: .
  specs:
    postgres-copy (1.5.0)
      activerecord (>= 5.1)
      pg (>= 0.17)

GEM
  remote: https://rubygems.org/
  specs:
    activemodel (7.0.1)
      activesupport (= 7.0.1)
    activerecord (7.0.1)
      activemodel (= 7.0.1)
      activesupport (= 7.0.1)
    activesupport (7.0.1)
      concurrent-ruby (~> 1.0, >= 1.0.2)
      i18n (>= 1.6, < 2)
      minitest (>= 5.1)
      tzinfo (~> 2.0)
    concurrent-ruby (1.1.9)
    diff-lcs (1.4.4)
    i18n (1.9.1)
      concurrent-ruby (~> 1.0)
    minitest (5.15.0)
    pg (1.2.3)
    rake (11.2.2)
    rdoc (6.2.1)
    rspec (2.99.0)
      rspec-core (~> 2.99.0)
      rspec-expectations (~> 2.99.0)
      rspec-mocks (~> 2.99.0)
    rspec-core (2.99.2)
    rspec-expectations (2.99.2)
      diff-lcs (>= 1.1.3, < 2.0)
    rspec-mocks (2.99.4)
    tzinfo (2.0.4)
      concurrent-ruby (~> 1.0)

PLATFORMS
  ruby

DEPENDENCIES
  bundler
  postgres-copy!
  rake (~> 11.2.2)
  rdoc
  rspec (~> 2.12)

BUNDLED WITH
   2.2.22
